GEM
  remote: https://rubygems.org/
  specs:
    rugged (1.5.1)

PLATFORMS
  x86_64-linux

DEPENDENCIES
  rugged (~> 1.5.1)

BUNDLED WITH
   2.3.5
