GEM
  remote: https://rubygems.org/
  specs:
    io-console (0.6.0)
    irb (1.9.1)
      rdoc
      reline (>= 0.3.8)
    liquid (5.4.0)
    psych (5.1.1.1)
      stringio
    rdoc (6.6.0)
      psych (>= 4.0.0)
    reline (0.4.1)
      io-console (~> 0.5)
    rugged (1.5.1)
    stringio (3.1.0)

PLATFORMS
  x86_64-linux

DEPENDENCIES
  irb (~> 1.9)
  liquid (~> 5.4)
  rdoc (~> 6.6)
  rugged (~> 1.5.1)

BUNDLED WITH
   2.3.5
